PATH
  remote: .
  specs:
    logs_tf (0.0.0)
      faraday (~> 0.8.0)
      multipart-post (~> 1.1.0)

GEM
  remote: https://rubygems.org/
  specs:
    ZenTest (4.9.0)
    coderay (1.0.8)
    diff-lcs (1.1.3)
    faraday (0.8.5)
      multipart-post (~> 1.1)
    method_source (0.8.1)
    multipart-post (1.1.5)
    pry (0.9.11.4)
      coderay (~> 1.0.5)
      method_source (~> 0.8)
      slop (~> 3.4)
    pry-nav (0.2.3)
      pry (~> 0.9.10)
    rspec (2.12.0)
      rspec-core (~> 2.12.0)
      rspec-expectations (~> 2.12.0)
      rspec-mocks (~> 2.12.0)
    rspec-core (2.12.2)
    rspec-expectations (2.12.1)
      diff-lcs (~> 1.1.3)
    rspec-mocks (2.12.2)
    slop (3.4.3)
    vcr (2.4.0)

PLATFORMS
  ruby

DEPENDENCIES
  ZenTest (~> 4.9.0)
  logs_tf!
  pry-nav (~> 0.2.3)
  rspec (~> 2.12.0)
  vcr (~> 2.4.0)
