PATH
  remote: .
  specs:
    logs_tf (0.0.1)
      faraday (~> 0.8.0)
      multipart-post (~> 1.1.0)

GEM
  remote: https://rubygems.org/
  specs:
    coderay (1.0.8)
    colorize (0.5.8)
    coveralls (0.5.6)
      colorize
      json
      rest-client
      simplecov (>= 0.7)
      thor
    diff-lcs (1.1.3)
    faraday (0.8.5)
      multipart-post (~> 1.1)
    json (1.7.7)
    method_source (0.8.1)
    mime-types (1.21)
    multi_json (1.6.1)
    multipart-post (1.1.5)
    pry (0.9.11.4)
      coderay (~> 1.0.5)
      method_source (~> 0.8)
      slop (~> 3.4)
    pry-nav (0.2.3)
      pry (~> 0.9.10)
    rest-client (1.6.7)
      mime-types (>= 1.16)
    rspec (2.12.0)
      rspec-core (~> 2.12.0)
      rspec-expectations (~> 2.12.0)
      rspec-mocks (~> 2.12.0)
    rspec-core (2.12.2)
    rspec-expectations (2.12.1)
      diff-lcs (~> 1.1.3)
    rspec-mocks (2.12.2)
    simplecov (0.7.1)
      multi_json (~> 1.0)
      simplecov-html (~> 0.7.1)
    simplecov-html (0.7.1)
    slop (3.4.3)
    thor (0.17.0)
    vcr (2.4.0)

PLATFORMS
  ruby

DEPENDENCIES
  coveralls
  logs_tf!
  pry-nav (~> 0.2.3)
  rspec (~> 2.12.0)
  vcr (~> 2.4.0)
