PATH
  remote: .
  specs:
    logs_tf (0.0.0)

GEM
  remote: https://rubygems.org/
  specs:
    addressable (2.3.2)
    coderay (1.0.8)
    crack (0.3.2)
    diff-lcs (1.1.3)
    method_source (0.8.1)
    pry (0.9.11.4)
      coderay (~> 1.0.5)
      method_source (~> 0.8)
      slop (~> 3.4)
    pry-nav (0.2.3)
      pry (~> 0.9.10)
    rspec (2.12.0)
      rspec-core (~> 2.12.0)
      rspec-expectations (~> 2.12.0)
      rspec-mocks (~> 2.12.0)
    rspec-core (2.12.2)
    rspec-expectations (2.12.1)
      diff-lcs (~> 1.1.3)
    rspec-mocks (2.12.2)
    slop (3.4.3)
    vcr (2.4.0)
    webmock (1.9.0)
      addressable (>= 2.2.7)
      crack (>= 0.1.7)

PLATFORMS
  ruby

DEPENDENCIES
  logs_tf!
  pry-nav (~> 0.2.3)
  rspec (~> 2.12.0)
  vcr (~> 2.4.0)
  webmock (~> 1.9.0)
